GEM
  remote: http://rubygems.org/
  specs:
    json (1.4.6)
    json (1.4.6-java)
    json_pure (1.4.6)
    rake (0.9.2.2)
    rdoc (3.11)
      json (~> 1.4)
    rr (1.0.4)

PLATFORMS
  java
  ruby

DEPENDENCIES
  json (~> 1.4.0)
  json_pure (~> 1.4.0)
  rake
  rdoc
  rr (~> 1.0)
